PATH
  remote: .
  specs:
    ezdrb (0.1.1)
      thor

GEM
  remote: https://rubygems.org/
  specs:
    rake (12.3.1)
    thor (0.20.0)

PLATFORMS
  ruby

DEPENDENCIES
  bundler (~> 1.3)
  ezdrb!
  rake

BUNDLED WITH
   1.16.2
